PATH
  remote: .
  specs:
    vizier (0.13)
      orichalcum (= 0.6.0)
      stencil
      valise

PATH
  remote: ../orichalcum/
  specs:
    orichalcum (0.6.0)

PATH
  remote: ../stencil/
  specs:
    stencil (0.2)

PATH
  remote: ../valise/
  specs:
    valise (0.6)

GEM
  remote: http://lrdesign:quiS6Nef@gems.lrdesign.com/
  remote: http://gemcutter.org/
  specs:
    archive-tar-minitar (0.5.2)
    columnize (0.3.4)
    corundum (0.0.15)
      bundler (~> 1.1.0)
      mailfactory (~> 1.4.0)
      mattock (>= 0.2.10)
      nokogiri
      rake-rubygems (>= 0.2.0)
      rdoc
      rspec (>= 2.0)
      simplecov (>= 0.5.4)
      yard
    diff-lcs (1.1.3)
    fuubar (0.0.6)
      rspec (~> 2.0)
      rspec-instafail (~> 0.1.8)
      ruby-progressbar (~> 0.0.10)
    json (1.6.6)
    linecache (0.46)
      rbx-require-relative (> 0.0.4)
    linecache19 (0.5.12)
      ruby_core_source (>= 0.1.4)
    mailfactory (1.4.0)
      mime-types (>= 1.13.1)
    mattock (0.2.10)
      tilt (> 0)
      valise (>= 0.6)
    mime-types (1.18)
    multi_json (1.3.1)
    nokogiri (1.5.2)
    rake (0.9.2.2)
    rake-rubygems (0.2.0)
      rake (>= 0.8.7)
    rbx-require-relative (0.0.5)
    rdoc (3.12)
      json (~> 1.4)
    rspec (2.9.0)
      rspec-core (~> 2.9.0)
      rspec-expectations (~> 2.9.0)
      rspec-mocks (~> 2.9.0)
    rspec-core (2.9.0)
    rspec-expectations (2.9.1)
      diff-lcs (~> 1.1.3)
    rspec-instafail (0.1.9)
    rspec-mocks (2.9.0)
    ruby-debug (0.10.4)
      columnize (>= 0.1)
      ruby-debug-base (~> 0.10.4.0)
    ruby-debug-base (0.10.4)
      linecache (>= 0.3)
    ruby-debug-base19 (0.11.25)
      columnize (>= 0.3.1)
      linecache19 (>= 0.5.11)
      ruby_core_source (>= 0.1.4)
    ruby-debug19 (0.11.6)
      columnize (>= 0.3.1)
      linecache19 (>= 0.5.11)
      ruby-debug-base19 (>= 0.11.19)
    ruby-progressbar (0.0.10)
    ruby_core_source (0.1.5)
      archive-tar-minitar (>= 0.5.2)
    simplecov (0.6.1)
      multi_json (~> 1.0)
      simplecov-html (~> 0.5.3)
    simplecov-html (0.5.3)
    tilt (1.3.3)
    yard (0.7.5)

PLATFORMS
  ruby

DEPENDENCIES
  corundum
  fuubar
  orichalcum!
  ruby-debug
  ruby-debug19
  stencil!
  valise!
  vizier!
