PATH
  remote: .
  specs:
    vizier (0.13)
      orichalcum (= 0.6.0)
      stencil (= 0.2)
      valise (= 0.3)

PATH
  remote: ../orichalcum/
  specs:
    orichalcum (0.6.0)

PATH
  remote: ../stencil/
  specs:
    stencil (0.2)

PATH
  remote: ../valise/
  specs:
    valise (0.3)

GEM
  remote: http://lrdesign:quiS6Nef@gems.lrdesign.com/
  remote: http://gemcutter.org/
  remote: http://gems.github.com/
  specs:
    archive-tar-minitar (0.5.2)
    columnize (0.3.4)
    corundum (0.0.5)
      bundler (~> 1.0.0)
      mailfactory (~> 1.4.0)
      nokogiri
      rake-rubygems (>= 0.2.0)
      rcov
      rspec (>= 2.0)
      simplecov (>= 0.5.4)
      yard
    diff-lcs (1.1.3)
    linecache19 (0.5.12)
      ruby_core_source (>= 0.1.4)
    mailfactory (1.4.0)
      mime-types (>= 1.13.1)
    mime-types (1.17.2)
    multi_json (1.0.4)
    nokogiri (1.5.0)
    rake (0.9.2.2)
    rake-rubygems (0.2.0)
      rake (>= 0.8.7)
    rcov (0.9.11)
    rspec (2.7.0)
      rspec-core (~> 2.7.0)
      rspec-expectations (~> 2.7.0)
      rspec-mocks (~> 2.7.0)
    rspec-core (2.7.1)
    rspec-expectations (2.7.0)
      diff-lcs (~> 1.1.2)
    rspec-mocks (2.7.0)
    ruby-debug-base19 (0.11.25)
      columnize (>= 0.3.1)
      linecache19 (>= 0.5.11)
      ruby_core_source (>= 0.1.4)
    ruby-debug19 (0.11.6)
      columnize (>= 0.3.1)
      linecache19 (>= 0.5.11)
      ruby-debug-base19 (>= 0.11.19)
    ruby_core_source (0.1.5)
      archive-tar-minitar (>= 0.5.2)
    simplecov (0.5.4)
      multi_json (~> 1.0.3)
      simplecov-html (~> 0.5.3)
    simplecov-html (0.5.3)
    yard (0.7.4)

PLATFORMS
  ruby

DEPENDENCIES
  corundum (~> 0.0.1)
  orichalcum!
  ruby-debug19
  stencil!
  valise!
  vizier!
